GIT
  remote: git://github.com/NREL/OpenStudio-workflow-gem.git
  revision: f71e43d98ff54e5a4bb18c78f0acb6f4d9d041f5
  ref: f71e43d98ff54e5a4bb18c78f0acb6f4d9d041f5
  specs:
    openstudio-workflow (1.0.0.alpha.0)

GIT
  remote: git://github.com/NREL/openstudio-standards.git
  revision: 520544722f306c08de90c126b9b32c44eb336ade
  tag: v0.1.3
  specs:
    openstudio-standards (0.1.3)

GEM
  remote: http://rubygems.org/
  specs:

PLATFORMS
  x64-mingw32

DEPENDENCIES
  openstudio-standards!
  openstudio-workflow!

BUNDLED WITH
   1.11.2
