GIT
  remote: git://github.com/NREL/OpenStudio-workflow-gem.git
  revision: 3b1f27f8fe704bf688fbeee00dce92ebbdd7635b
  ref: 3b1f27f8fe704bf688fbeee00dce92ebbdd7635b
  specs:
    openstudio-workflow (1.0.0.alpha.0)

GIT
  remote: git://github.com/NREL/openstudio-standards.git
  revision: 2925e5c997c5656f7e8dfa42a03c356285e91211
  ref: 2925e5c997c5656f7e8dfa42a03c356285e91211
  specs:
    openstudio-standards (0.1.4)

GEM
  remote: http://rubygems.org/
  specs:
    domain_name (0.5.20160615)
      unf (>= 0.0.5, < 1.0.0)
    ffi (1.9.14-x64-mingw32)
    http-cookie (1.0.2)
      domain_name (~> 0.5)
    mime-types (3.1)
      mime-types-data (~> 3.2015)
    mime-types-data (3.2016.0521)
    netrc (0.11.0)
    parallel (1.9.0)
    rest-client (2.0.0-x64-mingw32)
      ffi (~> 1.9)
      http-cookie (>= 1.0.2, < 2.0)
      mime-types (>= 1.16, < 4.0)
      netrc (~> 0.8)
    unf (0.1.4)
      unf_ext
    unf_ext (0.0.7.2-x64-mingw32)

PLATFORMS
  x64-mingw32

DEPENDENCIES
  openstudio-standards!
  openstudio-workflow!
  parallel
  rest-client

BUNDLED WITH
   1.12.5
