GIT
  remote: git://github.com/NREL/OpenStudio-workflow-gem.git
  revision: 9a5a5100dae8881a2ffd8a3d7704e4f97711ad7e
  ref: 9a5a5100dae8881a2ffd8a3d7704e4f97711ad7e
  specs:
    openstudio-workflow (1.0.0.rc1)

GIT
  remote: git://github.com/NREL/openstudio-standards.git
  revision: bbd3783b3de939117fbed29f76f3acfc98141b21
  ref: bbd3783b3de939117fbed29f76f3acfc98141b21
  specs:
    openstudio-standards (0.1.4)

GEM
  remote: http://rubygems.org/
  specs:
    domain_name (0.5.20160826)
      unf (>= 0.0.5, < 1.0.0)
    ffi (1.9.14-x64-mingw32)
    http-cookie (1.0.2)
      domain_name (~> 0.5)
    mime-types (3.1)
      mime-types-data (~> 3.2015)
    mime-types-data (3.2016.0521)
    netrc (0.11.0)
    parallel (1.9.0)
    rest-client (2.0.0-x64-mingw32)
      ffi (~> 1.9)
      http-cookie (>= 1.0.2, < 2.0)
      mime-types (>= 1.16, < 4.0)
      netrc (~> 0.8)
    unf (0.1.4)
      unf_ext
    unf_ext (0.0.7.2-x64-mingw32)

PLATFORMS
  x64-mingw32

DEPENDENCIES
  openstudio-standards!
  openstudio-workflow!
  parallel
  rest-client

BUNDLED WITH
   1.13.6
